GEM
  remote: https://rubygems.org/
  specs:
    haml (4.0.3)
      tilt
    json (1.8.0)
    nokogiri (1.5.10)
    rack (1.5.2)
    rack-protection (1.5.0)
      rack
    sass (3.2.9)
    sequel (3.48.0)
    sinatra (1.4.3)
      rack (~> 1.4)
      rack-protection (~> 1.4)
      tilt (~> 1.3, >= 1.3.4)
    tilt (1.4.1)

PLATFORMS
  ruby

DEPENDENCIES
  haml
  json
  nokogiri (~> 1.5.0)
  sass
  sequel
  sinatra
