GEM
  remote: https://rubygems.org/
  specs:
    backports (3.3.1)
    bacon (1.2.0)
    byebug (3.1.2)
      columnize (~> 0.8)
      debugger-linecache (~> 1.2)
    columnize (0.8.9)
    daemons (1.1.9)
    debugger-linecache (1.2.0)
    eventmachine (1.2.7)
    haml (4.0.3)
      tilt
    kramdown (0.14.0)
    mini_portile2 (2.4.0)
    nokogiri (1.10.4)
      mini_portile2 (~> 2.4.0)
    rack (1.6.11)
    rack-protection (1.5.5)
      rack
    rack-test (0.6.2)
      rack (>= 1.0)
    rake (10.2.2)
    sass (3.2.9)
    sequel (3.48.0)
    sinatra (1.4.3)
      rack (~> 1.4)
      rack-protection (~> 1.4)
      tilt (~> 1.3, >= 1.3.4)
    sinatra-contrib (1.4.0)
      backports (>= 2.0)
      eventmachine
      rack-protection
      rack-test
      sinatra (~> 1.4.2)
      tilt (~> 1.3)
    sqlite3-ruby (1.2.5)
    thin (1.5.1)
      daemons (>= 1.0.9)
      eventmachine (>= 0.12.6)
      rack (>= 1.0.0)
    tilt (1.4.1)

PLATFORMS
  ruby

DEPENDENCIES
  bacon
  byebug
  haml
  kramdown
  nokogiri (~> 1.10.0)
  rake
  sass
  sequel
  sinatra (~> 1.4)
  sinatra-contrib
  sqlite3-ruby (= 1.2.5)
  thin

BUNDLED WITH
   1.17.2
